GEM
  remote: https://rubygems.org/
  specs:
    eventmachine (1.0.7)
    rake (10.4.2)
    sqlite3 (1.3.10)
    websocket (1.2.1)
    websocket-eventmachine-base (1.1.0)
      eventmachine (~> 1.0)
      websocket (~> 1.0)
      websocket-native (~> 1.0)
    websocket-eventmachine-server (1.0.1)
      websocket-eventmachine-base (~> 1.0)
    websocket-native (1.0.0)

PLATFORMS
  ruby

DEPENDENCIES
  eventmachine
  rake
  sqlite3
  websocket-eventmachine-server
